GEM
  remote: https://rubygems.org/
  specs:
    thor (1.1.0)

PLATFORMS
  ruby

DEPENDENCIES
  thor

BUNDLED WITH
   2.2.26
